GEM
  remote: http://rubygems.org/
  specs:
    activesupport (2.3.11)
    beanstalk-client (1.1.1)
    bson (1.2.4)
    bson_ext (1.3.1)
    builder (3.0.0)
    capybara (1.1.2)
      mime-types (>= 1.16)
      nokogiri (>= 1.3.3)
      rack (>= 1.0.0)
      rack-test (>= 0.5.4)
      selenium-webdriver (~> 2.0)
      xpath (~> 0.1.4)
    childprocess (0.3.1)
      ffi (~> 1.0.6)
    clockwork (0.2.0)
    cucumber (1.1.9)
      builder (>= 2.1.2)
      diff-lcs (>= 1.1.2)
      gherkin (~> 2.9.0)
      json (>= 1.4.6)
      term-ansicolor (>= 1.0.6)
    cucumber-sinatra (0.4.0)
      templater (>= 1.0.0)
    daemons (1.1.8)
    diff-lcs (1.1.3)
    durran-validatable (2.0.1)
    eventmachine (0.12.10)
    extlib (0.9.15)
    ffi (1.0.11)
    foreman (0.40.0)
      term-ansicolor (~> 1.0.7)
      thor (>= 0.13.6)
    foreman (0.40.0-x86-mingw32)
      term-ansicolor (~> 1.0.7)
      thor (>= 0.13.6)
      win32console (~> 1.3.0)
    gherkin (2.9.0)
      json (>= 1.4.6)
    gherkin (2.9.0-x86-mingw32)
      json (>= 1.4.6)
    haml (3.1.4)
    highline (1.6.11)
    json (1.6.5)
    json_pure (1.6.5)
    mime-types (1.17.2)
    mongo (1.2.4)
      bson (>= 1.2.4)
    mongoid (1.9.5)
      activesupport (< 3.0.0)
      bson (~> 1.2.1)
      durran-validatable (>= 2.0.1)
      mongo (~> 1.2.1)
      will_paginate (< 2.9)
    multi_json (1.1.0)
    nokogiri (1.5.2)
    nokogiri (1.5.2-x86-mingw32)
    rack (1.4.1)
    rack-test (0.6.1)
      rack (>= 1.0)
    rspec (2.8.0)
      rspec-core (~> 2.8.0)
      rspec-expectations (~> 2.8.0)
      rspec-mocks (~> 2.8.0)
    rspec-core (2.8.0)
    rspec-expectations (2.8.0)
      diff-lcs (~> 1.1.2)
    rspec-mocks (2.8.0)
    rubyzip (0.9.6.1)
    rufus-scheduler (2.0.16)
      tzinfo (>= 0.3.23)
    selenium-webdriver (2.20.0)
      childprocess (>= 0.2.5)
      ffi (~> 1.0)
      multi_json (~> 1.0)
      rubyzip
    sinatra (1.2.1)
      rack (~> 1.1)
      tilt (>= 1.2.2, < 2.0)
    slim (1.1.1)
      temple (~> 0.4.0)
      tilt (~> 1.3.2)
    stalker (0.3.0)
      beanstalk-client
      json_pure
    templater (1.0.0)
      diff-lcs (>= 1.1.2)
      extlib (>= 0.9.5)
      highline (>= 1.4.0)
    temple (0.4.0)
    term-ansicolor (1.0.7)
    thin (1.3.1)
      daemons (>= 1.0.9)
      eventmachine (>= 0.12.6)
      rack (>= 1.0.0)
    thor (0.14.6)
    tilt (1.3.3)
    tzinfo (0.3.32)
    will_paginate (2.3.15)
    win32console (1.3.0-x86-mingw32)
    xpath (0.1.4)
      nokogiri (~> 1.3)

PLATFORMS
  ruby
  x86-mingw32

DEPENDENCIES
  bson_ext (= 1.3.1)
  capybara
  clockwork (= 0.2.0)
  cucumber
  cucumber-sinatra
  daemons
  foreman (= 0.40.0)
  haml
  mongoid (= 1.9.5)
  rack-test
  rspec
  rufus-scheduler
  sinatra (= 1.2.1)
  slim
  stalker (= 0.3.0)
  thin (= 1.3.1)
